GEM
  remote: https://rubygems.org/
  specs:
    childprocess (3.0.0)
    mustermann (1.1.1)
      ruby2_keywords (~> 0.0.1)
    nio4r (2.5.8)
    puma (4.3.8)
      nio4r (~> 2.0)
    rack (2.2.3)
    rack-protection (2.1.0)
      rack
    ruby2_keywords (0.0.5)
    rubyzip (2.3.2)
    selenium-webdriver (3.142.7)
      childprocess (>= 0.5, < 4.0)
      rubyzip (>= 1.2.2)
    sinatra (2.1.0)
      mustermann (~> 1.0)
      rack (~> 2.2)
      rack-protection (= 2.1.0)
      tilt (~> 2.0)
    tilt (2.0.10)

PLATFORMS
  x86_64-darwin-17

DEPENDENCIES
  puma (~> 4.0)
  selenium-webdriver
  sinatra

BUNDLED WITH
   2.2.25
